GEM
  remote: https://rubygems.org/
  specs:
    aws-eventstream (1.3.0)
    aws-partitions (1.906.0)
    aws-sdk-core (3.191.6)
      aws-eventstream (~> 1, >= 1.3.0)
      aws-partitions (~> 1, >= 1.651.0)
      aws-sigv4 (~> 1.8)
      jmespath (~> 1, >= 1.6.1)
    aws-sdk-kms (1.78.0)
      aws-sdk-core (~> 3, >= 3.191.0)
      aws-sigv4 (~> 1.1)
    aws-sdk-s3 (1.146.1)
      aws-sdk-core (~> 3, >= 3.191.0)
      aws-sdk-kms (~> 1)
      aws-sigv4 (~> 1.8)
    aws-sigv4 (1.8.0)
      aws-eventstream (~> 1, >= 1.0.2)
    base64 (0.2.0)
    dotenv (3.1.0)
    jmespath (1.6.2)
    nokogiri (1.16.3-arm64-darwin)
      racc (~> 1.4)
    racc (1.7.3)

PLATFORMS
  arm64-darwin-23

DEPENDENCIES
  aws-sdk-s3
  base64
  dotenv
  nokogiri

RUBY VERSION
   ruby 3.3.0p0

BUNDLED WITH
   2.5.6
